GEM
  remote: https://rubygems.org/
  specs:
    cocoapods (0.2.0)
    concurrent-ruby (1.1.10)
    tzinfo (2.0.5)
      concurrent-ruby (~> 1.0)

PLATFORMS
  ruby

DEPENDENCIES
  cocoapods

BUNDLED WITH
   2.1.4
